GEM
  remote: https://rubygems.org/
  specs:
    i18n (0.8.6)

PLATFORMS
  ruby

DEPENDENCIES
  i18n

BUNDLED WITH
   1.16.0
