GEM
  remote: https://rubygems.org/
  specs:
    colorize (0.8.1)
    i18n (0.8.6)

PLATFORMS
  ruby

DEPENDENCIES
  colorize
  i18n

BUNDLED WITH
   1.16.0
